GEM
  remote: https://rubygems.org/
  specs:
    base64 (0.2.0)
    bigdecimal (3.1.7)
    connection_pool (2.4.1)
    mustermann (3.0.0)
      ruby2_keywords (~> 0.0.1)
    nio4r (2.7.1)
    puma (6.4.2)
      nio4r (~> 2.0)
    rack (3.0.10)
    rack-protection (4.0.0)
      base64 (>= 0.1.0)
      rack (>= 3.0.0, < 4)
    rack-session (2.0.0)
      rack (>= 3.0.0)
    rackup (2.1.0)
      rack (>= 3)
      webrick (~> 1.8)
    redis (5.1.0)
      redis-client (>= 0.17.0)
    redis-client (0.22.1)
      connection_pool
    reqless (0.0.5)
      redis (~> 5.1.0)
    ruby2_keywords (0.0.5)
    sinatra (4.0.0)
      mustermann (~> 3.0)
      rack (>= 3.0.0, < 4)
      rack-protection (= 4.0.0)
      rack-session (>= 2.0.0, < 3)
      tilt (~> 2.0)
    tilt (2.3.0)
    webrick (1.8.1)

PLATFORMS
  aarch64-linux
  ruby
  universal.arm64e-darwin-23
  x86_64-linux

DEPENDENCIES
  bigdecimal (~> 3.1.7)
  puma (~> 6.4.2)
  rack (~> 3.0.10)
  rackup (~> 2.1.0)
  redis (~> 5.1.0)
  reqless (~> 0.0.5)
  sinatra (~> 4.0.0)

BUNDLED WITH
   2.5.3
